GEM
  remote: https://rubygems.org/
  specs:
    concurrent-ruby (1.3.5)
    minitest (5.25.5)
    tzinfo (2.0.6)
      concurrent-ruby (~> 1.0)

PLATFORMS
  arm64-darwin-24
  ruby

DEPENDENCIES
  minitest (~> 5.22)
  tzinfo

BUNDLED WITH
   2.6.7
